GEM
  remote: https://rubygems.org/
  specs:
    json (1.8.1)
    mustermann (1.0.1)
    rack (2.0.3)
    rack-protection (2.0.0)
      rack
    sinatra (2.0.2)
      mustermann (~> 1.0)
      rack (~> 2.0)
      rack-protection (= 2.0.0)
      tilt (~> 2.0)
    tilt (2.0.8)

PLATFORMS
  ruby

DEPENDENCIES
  json
  sinatra

RUBY VERSION
   ruby 2.2.3p173

BUNDLED WITH
   1.13.6
